GEM
  remote: https://rubygems.org/
  specs:
    alexa_rubykit (1.3.1)
      bundler (~> 1.7)
      rake
    dashbot (0.0.4)
      rest-client
    domain_name (0.5.20170404)
      unf (>= 0.0.5, < 1.0.0)
    http-cookie (1.0.3)
      domain_name (~> 0.5)
    json (2.0.4)
    mime-types (3.1)
      mime-types-data (~> 3.2015)
    mime-types-data (3.2016.0521)
    netrc (0.11.0)
    puma (3.11.2)
    rack (2.0.3)
    rake (12.3.0)
    rest-client (2.0.2)
      http-cookie (>= 1.0.2, < 2.0)
      mime-types (>= 1.16, < 4.0)
      netrc (~> 0.8)
    unf (0.1.4)
      unf_ext
    unf_ext (0.0.7.4)

PLATFORMS
  ruby

DEPENDENCIES
  alexa_rubykit
  dashbot
  json
  puma
  rack

BUNDLED WITH
   1.16.1
